PATH
  remote: .
  specs:
    yarn (0.0.1)
      parslet (>= 1.2)
      trollop (>= 1.16.2)

GEM
  remote: http://rubygems.org/
  specs:
    ZenTest (4.6.2)
    addressable (2.2.6)
    autotest (4.4.6)
      ZenTest (>= 4.4.1)
    blankslate (2.1.2.4)
    builder (3.0.0)
    capybara (1.0.1)
      mime-types (>= 1.16)
      nokogiri (>= 1.3.3)
      rack (>= 1.0.0)
      rack-test (>= 0.5.4)
      selenium-webdriver (~> 2.0)
      xpath (~> 0.1.4)
    capybara-webkit (0.6.1)
      capybara (~> 1.0.0)
    childprocess (0.2.2)
      ffi (~> 1.0.6)
    coderay (0.9.8)
    cucumber (1.0.3)
      builder (>= 2.1.2)
      diff-lcs (>= 1.1.2)
      gherkin (~> 2.4.18)
      json (>= 1.4.6)
      term-ansicolor (>= 1.0.6)
    diff-lcs (1.1.3)
    fakefs (0.4.0)
    faraday (0.7.4)
      addressable (~> 2.2.6)
      multipart-post (~> 1.1.0)
      rack (< 2, >= 1.1.0)
    ffi (1.0.9)
    gherkin (2.4.18)
      json (>= 1.4.6)
    json (1.5.4)
    json_pure (1.5.4)
      spruz (~> 0.2.8)
    method_source (0.6.5)
      ruby_parser (>= 2.0.5)
    mime-types (1.16)
    multipart-post (1.1.3)
    mustache (0.99.4)
    nokogiri (1.5.0)
    parslet (1.2.1)
      blankslate (~> 2.0)
    pry (0.9.5)
      coderay (>= 0.9.8)
      method_source (>= 0.6.5)
      ruby_parser (>= 2.0.5)
      slop (~> 2.1.0)
    rack (1.3.2)
    rack-test (0.6.1)
      rack (>= 1.0)
    redcarpet (1.17.2)
    rocco (0.8.2)
      mustache
      redcarpet
    rspec (2.6.0)
      rspec-core (~> 2.6.0)
      rspec-expectations (~> 2.6.0)
      rspec-mocks (~> 2.6.0)
    rspec-core (2.6.4)
    rspec-expectations (2.6.0)
      diff-lcs (~> 1.1.2)
    rspec-mocks (2.6.0)
    ruby_parser (2.3.0)
      sexp_processor (~> 3.0)
    rubyzip (0.9.4)
    selenium-webdriver (2.5.0)
      childprocess (>= 0.2.1)
      ffi (>= 1.0.7)
      json_pure
      rubyzip
    sexp_processor (3.0.6)
    simplecov (0.4.2)
      simplecov-html (~> 0.4.4)
    simplecov-html (0.4.5)
    slop (2.1.0)
    spruz (0.2.13)
    term-ansicolor (1.0.6)
    trollop (1.16.2)
    xpath (0.1.4)
      nokogiri (~> 1.3)

PLATFORMS
  ruby

DEPENDENCIES
  autotest
  capybara
  capybara-webkit
  cucumber
  fakefs
  faraday
  nokogiri
  pry
  rocco
  rspec
  simplecov
  yarn!
