PATH
  remote: .
  specs:
    yarn (0.0.2)
      parslet (>= 1.2)
      rack (>= 1.3.3)
      trollop (>= 1.16.2)

GEM
  remote: http://rubygems.org/
  specs:
    ZenTest (4.6.2)
    addressable (2.2.6)
    autotest (4.4.6)
      ZenTest (>= 4.4.1)
    blankslate (2.1.2.4)
    builder (3.0.0)
    coderay (1.0.0)
    cucumber (1.0.6)
      builder (>= 2.1.2)
      diff-lcs (>= 1.1.2)
      gherkin (~> 2.4.18)
      json (>= 1.4.6)
      term-ansicolor (>= 1.0.6)
    diff-lcs (1.1.3)
    faraday (0.7.4)
      addressable (~> 2.2.6)
      multipart-post (~> 1.1.0)
      rack (< 2, >= 1.1.0)
    gherkin (2.4.21)
      json (>= 1.4.6)
    gherkin (2.4.21-java)
      json (>= 1.4.6)
    json (1.6.1)
    json (1.6.1-java)
    method_source (0.6.5)
      ruby_parser (>= 2.0.5)
    multi_json (1.0.3)
    multipart-post (1.1.3)
    nokogiri (1.5.0)
    nokogiri (1.5.0-java)
    parslet (1.2.3)
      blankslate (~> 2.0)
    pry (0.9.6)
      coderay (>= 0.9.8)
      method_source (>= 0.6.5)
      ruby_parser (>= 2.0.5)
      slop (~> 2.1.0)
    pry (0.9.6-java)
      coderay (>= 0.9.8)
      method_source (>= 0.6.5)
      ruby_parser (>= 2.0.5)
      slop (~> 2.1.0)
      spoon (>= 0.0.1)
    rack (1.3.3)
    rspec (2.6.0)
      rspec-core (~> 2.6.0)
      rspec-expectations (~> 2.6.0)
      rspec-mocks (~> 2.6.0)
    rspec-core (2.6.4)
    rspec-expectations (2.6.0)
      diff-lcs (~> 1.1.2)
    rspec-mocks (2.6.0)
    ruby_parser (2.3.1)
      sexp_processor (~> 3.0)
    sexp_processor (3.0.7)
    simplecov (0.5.3)
      multi_json (~> 1.0.3)
      simplecov-html (~> 0.5.3)
    simplecov-html (0.5.3)
    slop (2.1.0)
    spoon (0.0.1)
    term-ansicolor (1.0.6)
    trollop (1.16.2)

PLATFORMS
  java
  ruby

DEPENDENCIES
  autotest
  cucumber
  faraday
  nokogiri
  pry
  rspec
  simplecov
  yarn!
